GIT
  remote: git://github.com/niklasb/ruby-dynamic-binding.git
  revision: 1e50895aa80546ad95593e673be94cca6d740529
  specs:
    dynamic_binding (0.1)

GIT
  remote: https://github.com/imanel/websocket-eventmachine-client
  revision: d91d40112b329895b9b5e3c1e3cb45598c419677
  specs:
    websocket-eventmachine-client (1.1.0)
      websocket-eventmachine-base (~> 1.0)

GEM
  remote: http://rubygems.org/
  specs:
    backports (3.6.8)
    coderay (1.1.0)
    daemons (1.2.3)
    domain_name (0.5.20160128)
      unf (>= 0.0.5, < 1.0.0)
    eventmachine (1.0.9.1)
    faraday (0.9.2)
      multipart-post (>= 1.2, < 3)
    faraday_middleware (0.10.0)
      faraday (>= 0.7.4, < 0.10)
    feedjira (2.0.0)
      faraday (~> 0.9)
      faraday_middleware (~> 0.9)
      loofah (~> 2.0)
      sax-machine (~> 1.0)
    haml (4.0.7)
      tilt
    http-cookie (1.0.2)
      domain_name (~> 0.5)
    json (1.8.3)
    loofah (2.0.3)
      nokogiri (>= 1.5.9)
    mechanize (2.7.4)
      domain_name (~> 0.5, >= 0.5.1)
      http-cookie (~> 1.0)
      mime-types (>= 1.17.2, < 3)
      net-http-digest_auth (~> 1.1, >= 1.1.1)
      net-http-persistent (~> 2.5, >= 2.5.2)
      nokogiri (~> 1.6)
      ntlm-http (~> 0.1, >= 0.1.1)
      webrobots (>= 0.0.9, < 0.2)
    method_source (0.8.2)
    mime-types (2.99)
    mini_portile2 (2.0.0)
    multi_json (1.11.2)
    multipart-post (2.0.0)
    net-http-digest_auth (1.4)
    net-http-persistent (2.9.4)
    nokogiri (1.6.7.2)
      mini_portile2 (~> 2.0.0.rc2)
    ntlm-http (0.1.1)
    pry (0.10.3)
      coderay (~> 1.1.0)
      method_source (~> 0.8.1)
      slop (~> 3.4)
    rack (1.6.4)
    rack-protection (1.5.3)
      rack
    rack-test (0.6.3)
      rack (>= 1.0)
    sax-machine (1.3.2)
    sequel (4.31.0)
    sinatra (1.4.7)
      rack (~> 1.5)
      rack-protection (~> 1.4)
      tilt (>= 1.3, < 3)
    sinatra-contrib (1.4.6)
      backports (>= 2.0)
      multi_json
      rack-protection
      rack-test
      sinatra (~> 1.4.0)
      tilt (>= 1.3, < 3)
    slop (3.6.0)
    sqlite3 (1.3.11)
    thin (1.6.4)
      daemons (~> 1.0, >= 1.0.9)
      eventmachine (~> 1.0, >= 1.0.4)
      rack (~> 1.0)
    tilt (2.0.2)
    unf (0.1.4)
      unf_ext
    unf_ext (0.0.7.2)
    webrobots (0.1.2)
    websocket (1.2.2)
    websocket-eventmachine-base (1.2.0)
      eventmachine (~> 1.0)
      websocket (~> 1.0)
      websocket-native (~> 1.0)
    websocket-native (1.0.0)

PLATFORMS
  ruby

DEPENDENCIES
  dynamic_binding!
  eventmachine
  feedjira
  haml
  json
  mechanize
  nokogiri
  pry
  sequel
  sinatra
  sinatra-contrib
  sqlite3
  thin
  websocket-eventmachine-client!
